GEM
  remote: http://rubygems.org/
  specs:
    addressable (2.3.2)
    cosm-rb (0.2.00)
      fastercsv (>= 1.5.x)
      httparty (>= 0.8.3)
      multi_json (>= 1.3.6)
      multi_xml (>= 0.5.1)
      nokogiri (>= 1.4.4)
      ox (>= 1.5.9)
      yajl-ruby (>= 1.1.0)
    crack (0.3.1)
    diff-lcs (1.1.3)
    fastercsv (1.5.5)
    httparty (0.9.0)
      multi_json (~> 1.0)
      multi_xml
    multi_json (1.3.6)
    multi_xml (0.5.1)
    nokogiri (1.5.5)
    ox (1.5.9)
    rack (1.4.1)
    rack-protection (1.2.0)
      rack
    rack-test (0.6.1)
      rack (>= 1.0)
    rake (0.9.2.2)
    rspec (2.11.0)
      rspec-core (~> 2.11.0)
      rspec-expectations (~> 2.11.0)
      rspec-mocks (~> 2.11.0)
    rspec-core (2.11.1)
    rspec-expectations (2.11.3)
      diff-lcs (~> 1.1.3)
    rspec-mocks (2.11.2)
    sinatra (1.3.3)
      rack (~> 1.3, >= 1.3.6)
      rack-protection (~> 1.2)
      tilt (~> 1.3, >= 1.3.3)
    tilt (1.3.3)
    webmock (1.8.10)
      addressable (>= 2.2.7)
      crack (>= 0.1.7)
    yajl-ruby (1.1.0)

PLATFORMS
  ruby

DEPENDENCIES
  cosm-rb
  rack-test
  rake
  rspec
  sinatra
  webmock
